GEM
  specs:
    webrick (1.6.0)

PLATFORMS
  ruby

DEPENDENCIES
  webrick (~> 1.6)

BUNDLED WITH
   2.1.4
